GEM
  remote: http://rubygems.org/
  specs:
    addressable (2.3.3)
    backports (3.1.1)
    capybara (2.1.0)
      mime-types (>= 1.16)
      nokogiri (>= 1.3.3)
      rack (>= 1.0.0)
      rack-test (>= 0.5.4)
      xpath (~> 2.0)
    daemons (1.1.9)
    em-websocket (0.3.8)
      addressable (>= 2.1.1)
      eventmachine (>= 0.12.9)
    eventmachine (1.0.3)
    eventmachine (1.0.3-x86-mingw32)
    faye-websocket (0.4.7)
      eventmachine (>= 0.12.0)
    http_parser.rb (0.5.3)
    http_parser.rb (0.5.3-x86-mingw32)
    json (1.7.7)
    kramdown (1.0.1)
    mime-types (1.23)
    minitest (4.7.0)
    mustache (0.99.4)
    nokogiri (1.5.9)
    nokogiri (1.5.9-x86-mingw32)
    phantomjs (1.8.1.1)
      poltergeist
    poltergeist (1.2.0)
      capybara (~> 2.1.0)
      faye-websocket (~> 0.4, >= 0.4.4)
      http_parser.rb (~> 0.5.3)
    rack (1.4.5)
    rack-google-analytics (0.11.0)
    rack-protection (1.5.0)
      rack
    rack-test (0.6.2)
      rack (>= 1.0)
    rake (10.0.3)
    redcarpet (1.17.2)
    rocco (0.8.2)
      mustache
      redcarpet
    sinatra (1.3.6)
      rack (~> 1.4)
      rack-protection (~> 1.3)
      tilt (~> 1.3, >= 1.3.3)
    sinatra-contrib (1.3.2)
      backports (>= 2.0)
      eventmachine
      rack-protection
      rack-test
      sinatra (~> 1.3.0)
      tilt (~> 1.3)
    sinatra-reloader (1.0)
      sinatra-contrib
    thin (1.5.1)
      daemons (>= 1.0.9)
      eventmachine (>= 0.12.6)
      rack (>= 1.0.0)
    tilt (1.3.6)
    websocket-rack (0.4.0)
      em-websocket (~> 0.3.6)
      eventmachine (~> 1.0.0.beta.4)
      rack
      thin
    xpath (2.0.0)
      nokogiri (~> 1.3)

PLATFORMS
  ruby
  x86-mingw32

DEPENDENCIES
  eventmachine (>= 1.0.0.beta, != 1.0.0.beta.4)
  json
  kramdown
  minitest
  phantomjs
  rack (= 1.4.5)
  rack-google-analytics
  rack-test
  rake
  redcarpet (< 2)
  rocco
  sinatra (>= 1.3)
  sinatra-reloader
  thin
  websocket-rack
